GEM
  remote: https://rubygems.org/
  specs:
    activemodel (3.2.13)
      activesupport (= 3.2.13)
      builder (~> 3.0.0)
    activesupport (3.2.13)
      i18n (= 0.6.1)
      multi_json (~> 1.0)
    ansi (1.4.3)
    bitly (0.8.1)
      crack (>= 0.1.4)
      httparty (>= 0.7.6)
      oauth2 (>= 0.5.0, < 0.9)
    builder (3.0.4)
    chunky_png (1.2.7)
    compass (0.12.2)
      chunky_png (~> 1.2)
      fssm (>= 0.2.7)
      sass (~> 3.1)
    crack (0.3.2)
    faraday (0.8.4)
      multipart-post (~> 1.1)
    fssm (0.2.10)
    hashr (0.0.22)
    httparty (0.10.2)
      multi_json (~> 1.0)
      multi_xml (>= 0.5.2)
    httpauth (0.2.0)
    i18n (0.6.1)
    jwt (0.1.6)
      multi_json (>= 1.0)
    mime-types (1.22)
    multi_json (1.3.7)
    multi_xml (0.5.3)
    multipart-post (1.1.5)
    oauth2 (0.8.1)
      faraday (~> 0.8)
      httpauth (~> 0.1)
      jwt (~> 0.1.4)
      multi_json (~> 1.0)
      rack (~> 1.2)
    powder (0.2.0)
      thor (>= 0.11.5)
    psych (1.3.4)
    rack (1.4.1)
    rake (10.0.4)
    rdiscount (1.6.8)
    rest-client (1.6.7)
      mime-types (>= 1.16)
    sass (3.2.7)
    simple_oauth (0.1.9)
    thor (0.17.0)
    tire (0.5.7)
      activemodel (>= 3.0)
      activesupport
      ansi
      hashr (~> 0.0.19)
      multi_json (~> 1.3)
      rake
      rest-client (~> 1.6)
    twitter (4.2.0)
      faraday (~> 0.8)
      multi_json (~> 1.3)
      simple_oauth (~> 0.1.6)

PLATFORMS
  ruby

DEPENDENCIES
  bitly
  compass
  powder
  psych
  rack
  rdiscount
  tire
  twitter
