GEM
  remote: http://rubygems.org/
  specs:
    builder (3.1.4)
    faraday (0.8.4)
      multipart-post (~> 1.1)
    multi_json (1.3.7)
    multipart-post (1.1.5)
    psych (1.3.4)
    rack (1.4.1)
    rdiscount (1.6.8)
    simple_oauth (0.1.9)
    sitemap_generator (3.4)
      builder
    toto (0.4.9)
      builder
      rack
      rdiscount
    twitter (4.2.0)
      faraday (~> 0.8)
      multi_json (~> 1.3)
      simple_oauth (~> 0.1.6)

PLATFORMS
  ruby

DEPENDENCIES
  builder
  psych
  rack
  rdiscount
  sitemap_generator
  toto
  twitter
