GEM
  remote: https://rubygems.org/
  specs:
    bitly (0.8.1)
      crack (>= 0.1.4)
      httparty (>= 0.7.6)
      oauth2 (>= 0.5.0, < 0.9)
    builder (3.1.4)
    chunky_png (1.2.7)
    compass (0.12.2)
      chunky_png (~> 1.2)
      fssm (>= 0.2.7)
      sass (~> 3.1)
    crack (0.3.2)
    faraday (0.8.4)
      multipart-post (~> 1.1)
    fssm (0.2.10)
    httparty (0.10.2)
      multi_json (~> 1.0)
      multi_xml (>= 0.5.2)
    httpauth (0.2.0)
    jwt (0.1.6)
      multi_json (>= 1.0)
    multi_json (1.3.7)
    multi_xml (0.5.3)
    multipart-post (1.1.5)
    oauth2 (0.8.1)
      faraday (~> 0.8)
      httpauth (~> 0.1)
      jwt (~> 0.1.4)
      multi_json (~> 1.0)
      rack (~> 1.2)
    powder (0.2.0)
      thor (>= 0.11.5)
    psych (1.3.4)
    rack (1.4.1)
    rdiscount (1.6.8)
    sass (3.2.7)
    simple_oauth (0.1.9)
    sitemap_generator (3.4)
      builder
    thor (0.17.0)
    toto (0.4.9)
      builder
      rack
      rdiscount
    twitter (4.2.0)
      faraday (~> 0.8)
      multi_json (~> 1.3)
      simple_oauth (~> 0.1.6)

PLATFORMS
  ruby

DEPENDENCIES
  bitly
  builder
  compass
  powder
  psych
  rack
  rdiscount
  sitemap_generator
  toto
  twitter
